GIT
  remote: https://github.com/eregon/path.git
  revision: 38a81454a7a054f4d180ea2a7654fd07f2734050
  specs:
    path (2.0.1)

PATH
  remote: .
  specs:
    simple-group (0.1)
      json (~> 2.2)
      path (~> 2.0)
      set_params (~> 0.1)

GEM
  remote: https://rubygems.org/
  specs:
    json (2.6.1)
    minitest (5.15.0)
    minitest-power_assert (0.3.1)
      minitest
      power_assert (>= 1.1)
    power_assert (2.0.1)
    rake (13.0.6)
    set_params (0.1)

PLATFORMS
  arm64-darwin-20
  arm64-darwin-21

DEPENDENCIES
  bundler (~> 2.2)
  minitest (~> 5.14)
  minitest-power_assert (~> 0.3)
  path!
  rake (~> 13.0)
  simple-group!

BUNDLED WITH
   2.3.11
